GEM
  remote: https://rubygems.org/
  specs:
    activemodel (7.0.4.2)
      activesupport (= 7.0.4.2)
    activesupport (7.0.4.2)
      concurrent-ruby (~> 1.0, >= 1.0.2)
      i18n (>= 1.6, < 2)
      minitest (>= 5.1)
      tzinfo (~> 2.0)
    concurrent-ruby (1.2.0)
    diff-lcs (1.3)
    httparty (0.17.3)
      mime-types (~> 3.0)
      multi_xml (>= 0.5.2)
    i18n (1.12.0)
      concurrent-ruby (~> 1.0)
    mime-types (3.3.1)
      mime-types-data (~> 3.2015)
    mime-types-data (3.2019.1009)
    minitest (5.17.0)
    money (6.13.7)
      i18n (>= 0.6.4, <= 2)
    multi_xml (0.6.0)
    power_assert (1.1.5)
    redis (4.1.3)
    rspec (3.9.0)
      rspec-core (~> 3.9.0)
      rspec-expectations (~> 3.9.0)
      rspec-mocks (~> 3.9.0)
    rspec-core (3.9.1)
      rspec-support (~> 3.9.1)
    rspec-expectations (3.9.0)
      diff-lcs (>= 1.2.0, < 2.0)
      rspec-support (~> 3.9.0)
    rspec-mocks (3.9.1)
      diff-lcs (>= 1.2.0, < 2.0)
      rspec-support (~> 3.9.0)
    rspec-support (3.9.2)
    test-unit (3.3.5)
      power_assert
    tzinfo (2.0.6)
      concurrent-ruby (~> 1.0)
    validates (1.0.0)
      activemodel (>= 3.0.0)
      activesupport (>= 3.0.0)

PLATFORMS
  x64-mingw32
  x86_64-linux

DEPENDENCIES
  httparty
  money
  redis
  rspec
  test-unit
  validates

BUNDLED WITH
   2.1.4
